GEM
  remote: https://rubygems.org/
  specs:
    activemodel (6.1.3)
      activesupport (= 6.1.3)
    activerecord (6.1.3)
      activemodel (= 6.1.3)
      activesupport (= 6.1.3)
    activesupport (6.1.3)
      concurrent-ruby (~> 1.0, >= 1.0.2)
      i18n (>= 1.6, < 2)
      minitest (>= 5.1)
      tzinfo (~> 2.0)
      zeitwerk (~> 2.3)
    concurrent-ruby (1.1.8)
    httparty (0.17.3)
      mime-types (~> 3.0)
      multi_xml (>= 0.5.2)
    i18n (1.8.9)
      concurrent-ruby (~> 1.0)
    mime-types (3.3.1)
      mime-types-data (~> 3.2015)
    mime-types-data (3.2019.1009)
    minitest (5.14.4)
    multi_xml (0.6.0)
    mustermann (1.1.0)
      ruby2_keywords (~> 0.0.1)
    pg (1.2.1)
    pg (1.2.1-x64-mingw32)
    rack (2.0.8)
    rack-protection (2.0.7)
      rack
    rake (13.0.1)
    ruby2_keywords (0.0.1)
    sinatra (2.0.7)
      mustermann (~> 1.0)
      rack (~> 2.0)
      rack-protection (= 2.0.7)
      tilt (~> 2.0)
    sinatra-activerecord (2.0.14)
      activerecord (>= 3.2)
      sinatra (>= 1.0)
    sinatra-flash (0.3.0)
      sinatra (>= 1.0.0)
    tilt (2.0.10)
    tzinfo (2.0.4)
      concurrent-ruby (~> 1.0)
    zeitwerk (2.4.2)

PLATFORMS
  ruby
  x64-mingw32

DEPENDENCIES
  httparty!
  pg!
  rake!
  sinatra!
  sinatra-activerecord!
  sinatra-flash!

BUNDLED WITH
   2.0.2
